PATH
  remote: .
  specs:
    activemq (0.0.1)
      rice (>= 1.4.2)

GEM
  remote: http://rubygems.org/
  specs:
    rake (0.8.7)
    rake-compiler (0.7.7)
      rake
    rice (1.4.2)

PLATFORMS
  ruby

DEPENDENCIES
  activemq!
  rake-compiler (>= 0.7.7)
